GEM
  remote: https://rubygems.org/
  specs:
    activemodel (5.2.3)
      activesupport (= 5.2.3)
    activerecord (5.2.3)
      activemodel (= 5.2.3)
      activesupport (= 5.2.3)
      arel (>= 9.0)
    activerecord-jdbc-adapter (52.2-java)
      activerecord (~> 5.2.0)
    activerecord-jdbcmysql-adapter (52.2-java)
      activerecord-jdbc-adapter (= 52.2)
      jdbc-mysql (~> 5.1.36)
    activerecord-mysql-adapter (0.0.1)
      activerecord (>= 3.2.9)
      activesupport (>= 3.2.9)
      mysql (>= 2.9.0)
    activesupport (5.2.3)
      concurrent-ruby (~> 1.0, >= 1.0.2)
      i18n (>= 0.7, < 2)
      minitest (~> 5.1)
      tzinfo (~> 1.1)
    arel (9.0.0)
    awesome_print (1.8.0)
    concurrent-ruby (1.1.5)
    i18n (1.6.0)
      concurrent-ruby (~> 1.0)
    jdbc-mysql (5.1.47)
    minitest (5.11.3)
    mysql (2.9.1)
    mysql2 (0.5.2)
    thread_safe (0.3.6)
    tzinfo (1.2.5)
      thread_safe (~> 0.1)

PLATFORMS
  java
  ruby

DEPENDENCIES
  activerecord
  activerecord-jdbcmysql-adapter
  activerecord-mysql-adapter
  awesome_print
  mysql2

RUBY VERSION
   ruby 2.5.3p0 (jruby 9.2.6.0)

BUNDLED WITH
   2.0.1
