GEM
  remote: https://rubygems.org/
  specs:
    activemodel (3.2.14)
      activesupport (= 3.2.14)
      builder (~> 3.0.0)
    activerecord (3.2.14)
      activemodel (= 3.2.14)
      activesupport (= 3.2.14)
      arel (~> 3.0.2)
      tzinfo (~> 0.3.29)
    activerecord-jdbc-adapter (1.3.0)
      activerecord (>= 2.2)
    activerecord-jdbcmysql-adapter (1.3.0)
      activerecord-jdbc-adapter (~> 1.3.0)
      jdbc-mysql (~> 5.1.0)
    activerecord-mysql-adapter (0.0.1)
      activerecord (>= 3.2.9)
      activesupport (>= 3.2.9)
      mysql (>= 2.9.0)
    activesupport (3.2.14)
      i18n (~> 0.6, >= 0.6.4)
      multi_json (~> 1.0)
    arel (3.0.2)
    awesome_print (1.1.0)
    builder (3.0.4)
    i18n (0.6.5)
    jdbc-mysql (5.1.25)
    multi_json (1.7.9)
    mysql (2.9.1)
    mysql2 (0.3.11)
    tzinfo (0.3.37)

PLATFORMS
  java
  ruby

DEPENDENCIES
  activerecord (~> 3.2.13)
  activerecord-jdbcmysql-adapter
  activerecord-mysql-adapter
  awesome_print
  mysql2
